GEM
  remote: https://rubygems.org/
  specs:
    addressable (2.3.7)
    boxr (0.20.0)
      addressable (~> 2.3)
      hashie (~> 3.3)
      httpclient (~> 2.5)
      oj (~> 2.11)
    dotenv (1.0.2)
    haml (4.0.6)
      tilt
    hashie (3.4.0)
    httpclient (2.6.0.1)
    oj (2.11.5)
    rack (1.6.0)
    rack-protection (1.5.3)
      rack
    sass (3.4.13)
    shotgun (0.9.1)
      rack (>= 1.0)
    sinatra (1.4.6)
      rack (~> 1.4)
      rack-protection (~> 1.4)
      tilt (>= 1.3, < 3)
    tilt (1.4.1)

PLATFORMS
  ruby

DEPENDENCIES
  boxr
  dotenv
  haml
  sass
  shotgun
  sinatra
